GEM
  remote: http://rubygems.org/
  specs:
    logger (1.2.8)
    nokogiri (1.5.0)
    simple_progressbar (0.1.3)

PLATFORMS
  ruby

DEPENDENCIES
  logger
  nokogiri
  simple_progressbar
